GEM
  remote: https://rubygems.org/
  specs:
    axiom-types (0.1.1)
      descendants_tracker (~> 0.0.4)
      ice_nine (~> 0.11.0)
      thread_safe (~> 0.3, >= 0.3.1)
    coercible (1.0.0)
      descendants_tracker (~> 0.0.1)
    descendants_tracker (0.0.4)
      thread_safe (~> 0.3, >= 0.3.1)
    dotenv (2.7.2)
    equalizer (0.0.11)
    faraday (0.15.4)
      multipart-post (>= 1.2, < 3)
    ffi (1.11.1)
    ffi-compiler (1.0.1)
      ffi (>= 1.0.0)
      rake
    ice_nine (0.11.2)
    inflecto (0.0.2)
    multipart-post (2.1.1)
    rake (12.3.2)
    telegram-bot-ruby (0.9.0)
      faraday
      inflecto
      virtus
    thread_safe (0.3.6)
    virtus (1.0.5)
      axiom-types (~> 0.1)
      coercible (~> 1.0)
      descendants_tracker (~> 0.0, >= 0.0.3)
      equalizer (~> 0.0, >= 0.0.9)
    webp-ffi (0.2.7)
      ffi (>= 1.9.0)
      ffi-compiler (>= 0.1.2)

PLATFORMS
  ruby

DEPENDENCIES
  dotenv
  telegram-bot-ruby
  webp-ffi

BUNDLED WITH
   2.0.1
